PATH
  remote: .
  specs:
    openlab_ruby (0.0.2)
      httparty (~> 0.13)

GEM
  remote: https://rubygems.org/
  specs:
    httparty (0.13.7)
      json (~> 1.8)
      multi_xml (>= 0.5.2)
    json (1.8.3)
    multi_xml (0.5.5)

PLATFORMS
  ruby

DEPENDENCIES
  openlab_ruby!

BUNDLED WITH
   1.11.2
